GEM
  remote: https://rubygems.org/
  specs:
    rack (2.0.4)
    rack-test (1.0.0)
      rack (>= 1.0, < 3)

PLATFORMS
  ruby

DEPENDENCIES
  rack
  rack-test

BUNDLED WITH
   1.16.1
